GEM
  remote: https://rubygems.org/
  specs:
    pastel (0.8.0)
      tty-color (~> 0.5)
    strings (0.2.0)
      strings-ansi (~> 0.2)
      unicode-display_width (~> 1.5)
      unicode_utils (~> 1.4)
    strings-ansi (0.2.0)
    tty-color (0.5.2)
    tty-screen (0.8.1)
    tty-table (0.12.0)
      pastel (~> 0.8)
      strings (~> 0.2.0)
      tty-screen (~> 0.8)
    unicode-display_width (1.7.0)
    unicode_utils (1.4.0)

PLATFORMS
  ruby

DEPENDENCIES
  tty-table (~> 0.12.0)

BUNDLED WITH
   2.0.2
